PATH
  remote: .
  specs:
    top_breweries (0.1.0)

GEM
  remote: https://rubygems.org/
  specs:
    coderay (1.1.2)
    httparty (0.18.0)
      mime-types (~> 3.0)
      multi_xml (>= 0.5.2)
    method_source (1.0.0)
    mime-types (3.3.1)
      mime-types-data (~> 3.2015)
    mime-types-data (3.2019.1009)
    mini_portile2 (2.4.0)
    multi_xml (0.6.0)
    nokogiri (1.10.4)
      mini_portile2 (~> 2.4.0)
    pry (0.13.1)
      coderay (~> 1.1)
      method_source (~> 1.0)
    rake (12.3.3)
    rubysl-open-uri (2.0.0)

PLATFORMS
  ruby

DEPENDENCIES
  httparty
  nokogiri (= 1.10.8)
  pry
  rake (~> 12.0)
  rubysl-open-uri (= 2.0.0)
  top_breweries!

BUNDLED WITH
   2.1.4
